GEM
  remote: http://rubygems.org/
  specs:
    coffee-script (2.2.0)
      coffee-script-source
      execjs
    coffee-script-source (1.2.0)
    execjs (1.2.13)
      multi_json (~> 1.0)
    haml (3.1.4)
    multi_json (1.0.4)
    pusher (0.8.5)
      multi_json (~> 1.0)
      ruby-hmac (~> 0.4.0)
      signature (~> 0.1.2)
    rack (1.4.0)
    rack-protection (1.2.0)
      rack
    ruby-hmac (0.4.0)
    sass (3.1.12)
    signature (0.1.2)
      ruby-hmac
    sinatra (1.3.2)
      rack (~> 1.3, >= 1.3.6)
      rack-protection (~> 1.2)
      tilt (~> 1.3, >= 1.3.3)
    tilt (1.3.3)

PLATFORMS
  ruby

DEPENDENCIES
  coffee-script
  haml
  pusher
  sass
  sinatra
